GEM
  remote: http://rubygems.org/
  specs:
    activesupport (4.0.13)
      i18n (~> 0.6, >= 0.6.9)
      minitest (~> 4.2)
      multi_json (~> 1.3)
      thread_safe (~> 0.1)
      tzinfo (~> 0.3.37)
    concurrent-ruby (1.1.9)
    i18n (0.9.5)
      concurrent-ruby (~> 1.0)
    minitest (4.7.5)
    multi_json (1.10.1)
    thread_safe (0.3.4)
    tzinfo (0.3.43)

PLATFORMS
  ruby

DEPENDENCIES
  activesupport (< 4.1.0)
