GEM
  remote: http://rubygems.org/
  specs:
    json (2.6.1)

PLATFORMS
  ruby

DEPENDENCIES
  json (= 2.6.1)
